PATH
  remote: .
  specs:
    otter (0.1.0)
      fileutils
      thor

GEM
  remote: https://rubygems.org/
  specs:
    fileutils (1.2.0)
    minitest (5.11.3)
    rake (10.5.0)
    thor (0.20.3)

PLATFORMS
  ruby

DEPENDENCIES
  bundler (~> 2.0)
  otter!
  minitest
  rake (~> 10.0)

BUNDLED WITH
   2.0.1
